GEM
  remote: https://rubygems.org/
  specs:
    colorize (0.8.1)
    pastel (0.8.0)
      tty-color (~> 0.5)
    terminal-table (1.8.0)
      unicode-display_width (~> 1.1, >= 1.1.1)
    tty-color (0.5.2)
    tty-cursor (0.7.1)
    tty-prompt (0.22.0)
      pastel (~> 0.8)
      tty-reader (~> 0.8)
    tty-reader (0.8.0)
      tty-cursor (~> 0.7)
      tty-screen (~> 0.8)
      wisper (~> 2.0)
    tty-screen (0.8.1)
    unicode-display_width (1.7.0)
    wisper (2.0.1)

PLATFORMS
  ruby

DEPENDENCIES
  colorize (~> 0.8.1)
  terminal-table (~> 1.8)
  tty-prompt (~> 0.22.0)

BUNDLED WITH
   2.1.4
